GEM
  remote: https://rubygems.org/
  specs:
    cpf_cnpj (0.5.0)
    nokogiri (1.14.3-x86_64-linux)
      racc (~> 1.4)
    os (1.1.4)
    racc (1.6.2)

PLATFORMS
  x86_64-linux

DEPENDENCIES
  cpf_cnpj
  nokogiri
  os

BUNDLED WITH
   2.4.10
